GEM
  remote: https://rubygems.org/
  specs:
    activesupport (5.0.0.1)
      concurrent-ruby (~> 1.0, >= 1.0.2)
      i18n (~> 0.7)
      minitest (~> 5.1)
      tzinfo (~> 1.1)
    byebug (9.0.6)
    concurrent-ruby (1.0.2)
    gpx (0.9.0)
      nokogiri (~> 1.7)
      rake
    i18n (0.7.0)
    icalendar (2.4.1)
    mini_portile2 (2.1.0)
    minitest (5.9.0)
    nokogiri (1.7.1)
      mini_portile2 (~> 2.1.0)
    rake (12.0.0)
    thread_safe (0.3.5)
    tzinfo (1.2.2)
      thread_safe (~> 0.1)

PLATFORMS
  ruby

DEPENDENCIES
  activesupport (~> 5.0.0)
  byebug (~> 9.0.0)
  gpx (~> 0.9.0)
  icalendar (~> 2.4.0)

RUBY VERSION
   ruby 2.4.0p0

BUNDLED WITH
   1.14.6
