GEM
  remote: https://rubygems.org/
  specs:
    activesupport (6.1.7.3)
      concurrent-ruby (~> 1.0, >= 1.0.2)
      i18n (>= 1.6, < 2)
      minitest (>= 5.1)
      tzinfo (~> 2.0)
      zeitwerk (~> 2.3)
    byebug (11.0.1)
    concurrent-ruby (1.2.2)
    gpx (1.0.0)
      nokogiri (~> 1.7)
      rake
    i18n (1.12.0)
      concurrent-ruby (~> 1.0)
    icalendar (2.5.3)
      ice_cube (~> 0.16)
    ice_cube (0.16.3)
    mini_portile2 (2.8.0)
    minitest (5.18.0)
    nokogiri (1.13.6)
      mini_portile2 (~> 2.8.0)
      racc (~> 1.4)
    racc (1.6.0)
    rake (13.0.1)
    rubyzip (2.0.0)
    tzinfo (2.0.6)
      concurrent-ruby (~> 1.0)
    zeitwerk (2.6.7)

PLATFORMS
  ruby

DEPENDENCIES
  activesupport (~> 6.1.7)
  byebug (~> 11.0.0)
  gpx (~> 1.0.0)
  icalendar (~> 2.5.0)
  nokogiri (~> 1.13.6)
  rubyzip (~> 2.0.0)

RUBY VERSION
   ruby 2.6.5p114

BUNDLED WITH
   1.17.2
