GEM
  remote: https://rubygems.org/
  specs:
    activesupport (5.2.0)
      concurrent-ruby (~> 1.0, >= 1.0.2)
      i18n (>= 0.7, < 2)
      minitest (~> 5.1)
      tzinfo (~> 1.1)
    byebug (10.0.2)
    concurrent-ruby (1.0.5)
    gpx (1.0.0)
      nokogiri (~> 1.7)
      rake
    i18n (1.0.1)
      concurrent-ruby (~> 1.0)
    icalendar (2.4.1)
    mini_portile2 (2.4.0)
    minitest (5.11.3)
    nokogiri (1.10.3)
      mini_portile2 (~> 2.4.0)
    rake (12.3.1)
    rubyzip (1.2.2)
    thread_safe (0.3.6)
    tzinfo (1.2.5)
      thread_safe (~> 0.1)

PLATFORMS
  ruby

DEPENDENCIES
  activesupport (~> 5.2.0)
  byebug (~> 10.0.0)
  gpx (~> 1.0.0)
  icalendar (~> 2.4.0)
  nokogiri (~> 1.10.3)
  rubyzip (~> 1.2.2)

RUBY VERSION
   ruby 2.6.1p33

BUNDLED WITH
   1.17.2
