GEM
  remote: https://rubygems.org/
  specs:
    activesupport (6.0.3.1)
      concurrent-ruby (~> 1.0, >= 1.0.2)
      i18n (>= 0.7, < 2)
      minitest (~> 5.1)
      tzinfo (~> 1.1)
      zeitwerk (~> 2.2, >= 2.2.2)
    byebug (11.0.1)
    concurrent-ruby (1.1.6)
    gpx (1.0.0)
      nokogiri (~> 1.7)
      rake
    i18n (1.8.2)
      concurrent-ruby (~> 1.0)
    icalendar (2.5.3)
      ice_cube (~> 0.16)
    ice_cube (0.16.3)
    mini_portile2 (2.8.0)
    minitest (5.14.1)
    nokogiri (1.13.2)
      mini_portile2 (~> 2.8.0)
      racc (~> 1.4)
    racc (1.6.0)
    rake (13.0.1)
    rubyzip (2.0.0)
    thread_safe (0.3.6)
    tzinfo (1.2.7)
      thread_safe (~> 0.1)
    zeitwerk (2.3.0)

PLATFORMS
  ruby

DEPENDENCIES
  activesupport (~> 6.0.3)
  byebug (~> 11.0.0)
  gpx (~> 1.0.0)
  icalendar (~> 2.5.0)
  nokogiri (~> 1.13.2)
  rubyzip (~> 2.0.0)

RUBY VERSION
   ruby 2.6.5p114

BUNDLED WITH
   1.17.2
